GIT
  remote: https://github.com/Spooner/releasy.git
  revision: 1386fc1b439de45994919ddad5633b4ad1745817
  specs:
    releasy (0.2.3)
      bundler (>= 1.2.1)
      cri (~> 2.1.0)
      ocra (~> 1.3.0)
      rake (>= 0.9.2.2)
      thor (~> 0.14.6)

GEM
  remote: http://rubygems.org/
  specs:
    active_support (3.0.0)
      activesupport (= 3.0.0)
    activesupport (3.0.0)
    addressable (2.3.5)
    bitcoin-ruby (0.0.2)
    builder (3.2.2)
    cri (2.1.0)
    faraday (0.8.8)
      multipart-post (~> 1.2.0)
    ffi (1.9.3)
    git (1.2.6)
    github_api (0.10.1)
      addressable
      faraday (~> 0.8.1)
      hashie (>= 1.2)
      multi_json (~> 1.4)
      nokogiri (~> 1.5.2)
      oauth2
    hashie (2.0.5)
    highline (1.6.20)
    httparty (0.12.0)
      json (~> 1.8)
      multi_xml (>= 0.5.2)
    httpauth (0.2.0)
    i18n (0.6.5)
    jeweler (1.8.8)
      builder
      bundler (~> 1.0)
      git (>= 1.2.5)
      github_api (= 0.10.1)
      highline (>= 1.6.15)
      nokogiri (= 1.5.10)
      rake
      rdoc
    json (1.8.1)
    jwt (0.1.8)
      multi_json (>= 1.5)
    mastercoin-ruby (0.1.0)
      activesupport (>= 3.0.0)
      bitcoin-ruby (~> 0.0.1)
      sequel (~> 4.1.1)
      thor (>= 0.14.6)
    multi_json (1.8.2)
    multi_xml (0.5.5)
    multipart-post (1.2.0)
    nokogiri (1.5.10)
    oauth2 (0.9.2)
      faraday (~> 0.8)
      httpauth (~> 0.2)
      jwt (~> 0.1.4)
      multi_json (~> 1.0)
      multi_xml (~> 0.5)
      rack (~> 1.2)
    ocra (1.3.1)
    qtbindings (4.8.3.0)
    rack (1.5.2)
    rake (0.9.2.2)
    rdoc (4.0.1)
      json (~> 1.4)
    sequel (4.1.1)
    thor (0.14.6)

PLATFORMS
  ruby

DEPENDENCIES
  active_support
  bitcoin-ruby (= 0.0.2)
  bundler (~> 1.0)
  ffi
  httparty
  i18n
  jeweler (~> 1.8.8)
  mastercoin-ruby (~> 0.1.0)
  qtbindings
  releasy!
